GEM
  remote: https://rubygems.org/
  specs:
    bcrypt (3.1.16)
    devise (4.8.0)
      bcrypt (~> 3.1.7)
    devise-jwt (0.6.0)
      devise (>= 4.4.0)
      jwt (~> 2.0)
    jwt (2.3.1)
    rack (2.2.3)
    rack-test (1.1.0)
      rack (>= 1.0, < 3)
    rails (6.1.4)
      actioncable (= 6.1.4)
      actionmailbox (= 6.1.4)
      actionmailer (= 6.1.4)
      actionpack (= 6.1.4)
      actiontext (= 6.1.4)
      actionview (= 6.1.4)
      activejob (= 6.1.4)
      activemodel (= 6.1.4)
      activerecord (= 6.1.4)
      activestorage (= 6.1.4)
      activesupport (= 6.1.4)
      bundler (>= 1.3.0)
      railties (= 6.1.4)
      sprockets-rails (>= 2.0.0)
    railties (6.1.4)
      actionpack (= 6.1.4)
      activesupport (= 6.1.4)
      rake (>= 0.13.0)
    rspec (3.10.0)
      rspec-core (~> 3.10.0)
      rspec-expectations (~> 3.10.0)
      rspec-mocks (~> 3.10.0)
    rspec-rails (5.0.0)
      actionpack (>= 5.0.0)
      railties (>= 5.0.0)
      rspec (>= 3.0.0)
    sqlite3 (1.4.2)

PLATFORMS
  ruby

DEPENDENCIES
  devise
  devise-jwt
  jwt
  rspec-rails
  sqlite3

BUNDLED WITH
   2.2.15